GEM
  remote: https://rubygems.org/
  specs:
    asciidoctor (1.5.8)
    asciidoctor-diagram (1.5.13)
      asciidoctor (~> 1.5.0)
    asciidoctor-revealjs (1.1.3)
      asciidoctor (~> 1.5.6)
      thread_safe (~> 0.3.5)
    thread_safe (0.3.6)

PLATFORMS
  ruby

DEPENDENCIES
  asciidoctor-diagram
  asciidoctor-revealjs

BUNDLED WITH
   2.0.1
